GIT
  remote: https://github.com/peterkeen/rack-funky-cache.git
  revision: c022dfdf0c97b58e8f3965dcc586000bf9de6e14
  specs:
    rack-funky-cache (0.0.6)

GEM
  remote: https://rubygems.org/
  specs:
    activemodel (3.2.15)
      activesupport (= 3.2.15)
      builder (~> 3.0.0)
    activesupport (3.2.15)
      i18n (~> 0.6, >= 0.6.4)
      multi_json (~> 1.0)
    backports (3.11.4)
    builder (3.0.4)
    coffee-script (2.4.1)
      coffee-script-source
      execjs
    coffee-script-source (1.12.2)
    concurrent-ruby (1.1.5)
    docverter (0.0.7)
      rest-client (~> 1.6.7)
    dotenv (0.9.0)
    execjs (2.7.0)
    ffi (1.10.0)
    foreman (0.27.0)
      term-ansicolor (~> 1.0.5)
      thor (>= 0.13.6)
    i18n (0.6.5)
    libv8 (3.16.14.19)
    lru_redux (0.8.1)
    mail (2.5.4)
      mime-types (~> 1.16)
      treetop (~> 1.4.8)
    mime-types (1.19)
    multi_json (1.13.1)
    polyglot (0.3.4)
    pony (1.8)
      mail (>= 2.0)
    puma (3.12.6)
    rack (1.6.11)
    rack-protection (1.5.5)
      rack
    rack-test (1.1.0)
      rack (>= 1.0, < 3)
    rake (12.3.2)
    rb-fsevent (0.10.3)
    rb-inotify (0.10.0)
      ffi (~> 1.0)
    redcarpet (2.0.1)
    ref (2.0.0)
    rest-client (1.6.7)
      mime-types (>= 1.16)
    rouge (3.3.0)
    sass (3.7.3)
      sass-listen (~> 4.0.0)
    sass-listen (4.0.0)
      rb-fsevent (~> 0.9, >= 0.9.4)
      rb-inotify (~> 0.9, >= 0.9.7)
    shotgun (0.9)
      rack (>= 1.0)
    sinatra (1.4.8)
      rack (~> 1.5)
      rack-protection (~> 1.4)
      tilt (>= 1.3, < 3)
    sinatra-asset-pipeline (0.5.0)
      coffee-script
      rake
      sass
      sinatra
      sprockets
      sprockets-helpers
      sprockets-sass
    sinatra-contrib (1.4.7)
      backports (>= 2.0)
      multi_json
      rack-protection
      rack-test
      sinatra (~> 1.4.0)
      tilt (>= 1.3, < 3)
    sitemap_generator (6.0.2)
      builder (~> 3.0)
    sprockets (3.7.2)
      concurrent-ruby (~> 1.0)
      rack (> 1, < 3)
    sprockets-helpers (1.2.1)
      sprockets (>= 2.2)
    sprockets-sass (2.0.0.beta2)
      sprockets (>= 2.0, < 4.0)
    term-ansicolor (1.0.7)
    therubyracer (0.12.3)
      libv8 (~> 3.16.14.15)
      ref
    thor (0.14.6)
    tilt (2.0.9)
    time-lord (1.0.1)
    treetop (1.4.15)
      polyglot
      polyglot (>= 0.3.1)
    uglifier (1.2.7)
      execjs (>= 0.3.0)
      multi_json (~> 1.3)
    yui-compressor (0.12.0)

PLATFORMS
  ruby

DEPENDENCIES
  activemodel (~> 3.2.15)
  docverter (>= 0.0.7)
  dotenv
  foreman
  lru_redux
  pony (~> 1.8)
  puma
  rack (>= 1.3.10)
  rack-funky-cache!
  rake
  redcarpet
  rouge
  shotgun
  sinatra
  sinatra-asset-pipeline
  sinatra-contrib
  sitemap_generator
  therubyracer (>= 0.12.2)
  time-lord (~> 1.0)
  uglifier
  yui-compressor

RUBY VERSION
   ruby 2.6.4p104

BUNDLED WITH
   1.17.2
